GEM
  remote: https://rubygems.org/
  specs:
    date (3.2.2)
    json (2.6.2)
    mustermann (3.0.0)
      ruby2_keywords (~> 0.0.1)
    nokogiri (1.13.9-x86_64-darwin)
      racc (~> 1.4)
    open-uri (0.2.0)
      stringio
      time
      uri
    racc (1.6.0)
    rack (2.2.4)
    rack-protection (3.0.3)
      rack
    ruby2_keywords (0.0.5)
    sinatra (3.0.3)
      mustermann (~> 3.0)
      rack (~> 2.2, >= 2.2.4)
      rack-protection (= 3.0.3)
      tilt (~> 2.0)
    stringio (3.0.2)
    tilt (2.0.11)
    time (0.2.0)
      date
    uri (0.11.0)

PLATFORMS
  x86_64-darwin-21

DEPENDENCIES
  json
  nokogiri
  open-uri
  sinatra

BUNDLED WITH
   2.3.22
